PATH
  remote: .
  specs:
    rubyslim (0.1.1)

GEM
  remote: http://www.rubygems.org/
  specs:
    rake (10.4.2)
    rspec (1.3.2)

PLATFORMS
  ruby

DEPENDENCIES
  rake
  rspec (~> 1.3.0)
  rubyslim!

BUNDLED WITH
   1.10.5
